GEM
  remote: http://rubygems.org/
  specs:
    diff-lcs (1.1.3)
    eventmachine (0.12.10)
    nokogiri (1.5.0)
    rspec (2.8.0)
      rspec-core (~> 2.8.0)
      rspec-expectations (~> 2.8.0)
      rspec-mocks (~> 2.8.0)
    rspec-core (2.8.0)
    rspec-expectations (2.8.0)
      diff-lcs (~> 1.1.2)
    rspec-given (1.4.2)
      rspec (> 1.2.8)
    rspec-mocks (2.8.0)

PLATFORMS
  ruby

DEPENDENCIES
  eventmachine
  nokogiri
  rspec
  rspec-given
